PATH
  remote: .
  specs:
    gap_client (0.1.0)
      activesupport
      faraday
      jsonapi (~> 0.1.1.beta6)

GEM
  remote: https://rubygems.org/
  specs:
    activesupport (6.0.3.1)
      concurrent-ruby (~> 1.0, >= 1.0.2)
      i18n (>= 0.7, < 2)
      minitest (~> 5.1)
      tzinfo (~> 1.1)
      zeitwerk (~> 2.2, >= 2.2.2)
    concurrent-ruby (1.1.6)
    diff-lcs (1.3)
    faraday (0.17.1)
      multipart-post (>= 1.2, < 3)
    i18n (1.8.2)
      concurrent-ruby (~> 1.0)
    jsonapi (0.1.1.beta6)
      jsonapi-parser (= 0.1.1.beta3)
      jsonapi-renderer (= 0.1.1.beta1)
    jsonapi-parser (0.1.1.beta3)
    jsonapi-renderer (0.1.1.beta1)
    minitest (5.14.1)
    multipart-post (2.1.1)
    rake (13.0.1)
    rspec (3.9.0)
      rspec-core (~> 3.9.0)
      rspec-expectations (~> 3.9.0)
      rspec-mocks (~> 3.9.0)
    rspec-core (3.9.0)
      rspec-support (~> 3.9.0)
    rspec-expectations (3.9.0)
      diff-lcs (>= 1.2.0, < 2.0)
      rspec-support (~> 3.9.0)
    rspec-mocks (3.9.0)
      diff-lcs (>= 1.2.0, < 2.0)
      rspec-support (~> 3.9.0)
    rspec-support (3.9.0)
    thread_safe (0.3.6)
    tzinfo (1.2.7)
      thread_safe (~> 0.1)
    vcr (6.1.0)
    zeitwerk (2.3.0)

PLATFORMS
  ruby

DEPENDENCIES
  bundler (~> 1.16)
  gap_client!
  rake (~> 13.0)
  rspec (~> 3.0)
  vcr

BUNDLED WITH
   1.16.2
